GEM
  remote: http://rubygems.org/
  specs:
    archive-zip (0.5.0)
      io-like (>= 0.3.0)
    diff-lcs (1.1.3)
    domain_name (0.5.6)
      unf (~> 0.0.3)
    io-like (0.3.0)
    json (1.7.6)
    mechanize (2.5.1)
      domain_name (~> 0.5, >= 0.5.1)
      mime-types (~> 1.17, >= 1.17.2)
      net-http-digest_auth (~> 1.1, >= 1.1.1)
      net-http-persistent (~> 2.5, >= 2.5.2)
      nokogiri (~> 1.4)
      ntlm-http (~> 0.1, >= 0.1.1)
      webrobots (~> 0.0, >= 0.0.9)
    mime-types (1.19)
    net-http-digest_auth (1.2.1)
    net-http-persistent (2.8)
    nokogiri (1.5.6)
    ntlm-http (0.1.1)
    pkg-config (1.1.4)
    rack (1.4.2)
    rack-flash3 (1.0.3)
      rack
    rack-protection (1.3.2)
      rack
    rroonga (2.1.2)
      archive-zip
      json
      pkg-config
    rspec (2.12.0)
      rspec-core (~> 2.12.0)
      rspec-expectations (~> 2.12.0)
      rspec-mocks (~> 2.12.0)
    rspec-core (2.12.2)
    rspec-expectations (2.12.1)
      diff-lcs (~> 1.1.3)
    rspec-mocks (2.12.1)
    sinatra (1.3.3)
      rack (~> 1.3, >= 1.3.6)
      rack-protection (~> 1.2)
      tilt (~> 1.3, >= 1.3.3)
    tilt (1.3.3)
    unf (0.0.5)
      unf_ext
    unf_ext (0.0.5)
    webrobots (0.0.13)

PLATFORMS
  ruby

DEPENDENCIES
  mechanize
  rack-flash3
  rroonga
  rspec
  sinatra
